GIT
  remote: git://github.com/rspec/rspec-core.git
  revision: 6238ed3c6ab6dc593d3f6d7dbaed9a0a996566df
  branch: 2-0-stable
  specs:
    rspec-core (2.0.1.pre)

GIT
  remote: git://github.com/rspec/rspec-expectations.git
  revision: 98d979c44ab086a436f188b6d207a06a108b86c0
  branch: 2-0-stable
  specs:
    rspec-expectations (2.0.1.pre)
      diff-lcs (>= 1.1.2)

GIT
  remote: git://github.com/rspec/rspec-mocks.git
  revision: e85bfe1caa5100482a7b60fc18e139bc4dabdbf0
  branch: 2-0-stable
  specs:
    rspec-mocks (2.0.1.pre)
      rspec-core (~> 2.0.0)
      rspec-expectations (~> 2.0.0)

GIT
  remote: git://github.com/rspec/rspec-rails.git
  revision: b0ef864dd21885ccba1d389786cfb7eb11493609
  branch: 2-0-stable
  specs:
    rspec-rails (2.0.1.pre)
      rspec (~> 2.0.0)

GIT
  remote: git://github.com/rspec/rspec.git
  revision: df7d1e638dbf2af2822629d2a2e669f6b354fcf5
  branch: 2-0-stable
  specs:
    rspec (2.0.1.pre)
      rspec-core (~> 2.0.0)
      rspec-expectations (~> 2.0.0)
      rspec-mocks (~> 2.0.0)

GEM
  remote: http://rubygems.org/
  specs:
    abstract (1.0.0)
    actionmailer (3.0.1)
      actionpack (= 3.0.1)
      mail (~> 2.2.5)
    actionpack (3.0.1)
      activemodel (= 3.0.1)
      activesupport (= 3.0.1)
      builder (~> 2.1.2)
      erubis (~> 2.6.6)
      i18n (~> 0.4.1)
      rack (~> 1.2.1)
      rack-mount (~> 0.6.12)
      rack-test (~> 0.5.4)
      tzinfo (~> 0.3.23)
    activemodel (3.0.1)
      activesupport (= 3.0.1)
      builder (~> 2.1.2)
      i18n (~> 0.4.1)
    activerecord (3.0.1)
      activemodel (= 3.0.1)
      activesupport (= 3.0.1)
      arel (~> 1.0.0)
      tzinfo (~> 0.3.23)
    activeresource (3.0.1)
      activemodel (= 3.0.1)
      activesupport (= 3.0.1)
    activesupport (3.0.1)
    arel (1.0.1)
      activesupport (~> 3.0.0)
    bson (1.1.1)
    builder (2.1.2)
    diff-lcs (1.1.2)
    erubis (2.6.6)
      abstract (>= 1.0.0)
    i18n (0.4.1)
    mail (2.2.7)
      activesupport (>= 2.3.6)
      mime-types
      treetop (>= 1.4.5)
    mime-types (1.16)
    mongo (1.1.1)
      bson (>= 1.1.1)
    polyglot (0.3.1)
    rack (1.2.1)
    rack-mount (0.6.13)
      rack (>= 1.0.0)
    rack-test (0.5.6)
      rack (>= 1.0)
    rails (3.0.1)
      actionmailer (= 3.0.1)
      actionpack (= 3.0.1)
      activerecord (= 3.0.1)
      activeresource (= 3.0.1)
      activesupport (= 3.0.1)
      bundler (~> 1.0.0)
      railties (= 3.0.1)
    railties (3.0.1)
      actionpack (= 3.0.1)
      activesupport (= 3.0.1)
      rake (>= 0.8.4)
      thor (~> 0.14.0)
    rake (0.8.7)
    thor (0.14.3)
    treetop (1.4.8)
      polyglot (>= 0.3.1)
    tzinfo (0.3.23)

PLATFORMS
  ruby

DEPENDENCIES
  mongo (>= 1.0.9)
  rails (= 3.0.1)
  rspec!
  rspec-core!
  rspec-expectations!
  rspec-mocks!
  rspec-rails!
